GIT
  remote: git@github.com:alphagov/cdn_helpers.git
  revision: 82a30e7b0d30d82d89bb0e75df6b2e811f9c0e1a
  tag: v0.8.3
  specs:
    cdn_helpers (0.8.3)
      actionpack (~> 3.0.0)
      nokogiri

GIT
  remote: git@github.com:alphagov/geogov.git
  revision: 13426953924d06b1e0f6af4ef1a439aacc31ba90
  specs:
    geogov (0.0.2)

GIT
  remote: git@github.com:alphagov/govspeak.git
  revision: 3e90900db09391dd2a3806e522204b39074b3f70
  specs:
    govspeak (0.8.3)
      kramdown (~> 0.13.3)

GIT
  remote: git@github.com:alphagov/rack-geo.git
  revision: 0c15b9c050d66232590a23f037d908432804f50c
  specs:
    rack-geo (0.7.0)
      geogov
      json
      rack

GIT
  remote: git@github.com:alphagov/slimmer.git
  revision: 9a5a048cdd2452ee3f88233bce693aa4e4296b35
  specs:
    slimmer (0.7.13)
      nokogiri

GEM
  remote: http://rubygems.org/
  specs:
    ZenTest (4.5.0)
    abstract (1.0.0)
    actionmailer (3.0.10)
      actionpack (= 3.0.10)
      mail (~> 2.2.19)
    actionpack (3.0.10)
      activemodel (= 3.0.10)
      activesupport (= 3.0.10)
      builder (~> 2.1.2)
      erubis (~> 2.6.6)
      i18n (~> 0.5.0)
      rack (~> 1.2.1)
      rack-mount (~> 0.6.14)
      rack-test (~> 0.5.7)
      tzinfo (~> 0.3.23)
    activemodel (3.0.10)
      activesupport (= 3.0.10)
      builder (~> 2.1.2)
      i18n (~> 0.5.0)
    activerecord (3.0.10)
      activemodel (= 3.0.10)
      activesupport (= 3.0.10)
      arel (~> 2.0.10)
      tzinfo (~> 0.3.23)
    activeresource (3.0.10)
      activemodel (= 3.0.10)
      activesupport (= 3.0.10)
    activesupport (3.0.10)
    addressable (2.2.6)
    arel (2.0.10)
    autotest-rails (4.1.1)
      ZenTest (= 4.5)
    builder (2.1.2)
    ci_reporter (1.6.5)
      builder (>= 2.1.2)
    crack (0.3.1)
    erubis (2.6.6)
      abstract (>= 1.0.0)
    exception_notification (2.4.1)
    i18n (0.5.0)
    json (1.6.1)
    kramdown (0.13.3)
    mail (2.2.19)
      activesupport (>= 2.3.6)
      i18n (>= 0.4.0)
      mime-types (~> 1.16)
      treetop (~> 1.4.8)
    metaclass (0.0.1)
    mime-types (1.17.1)
    mocha (0.10.0)
      metaclass (~> 0.0.1)
    mustache (0.99.4)
    nokogiri (1.5.0)
    polyglot (0.3.2)
    rack (1.2.4)
    rack-mount (0.6.14)
      rack (>= 1.0.0)
    rack-test (0.5.7)
      rack (>= 1.0)
    rails (3.0.10)
      actionmailer (= 3.0.10)
      actionpack (= 3.0.10)
      activerecord (= 3.0.10)
      activeresource (= 3.0.10)
      activesupport (= 3.0.10)
      bundler (~> 1.0)
      railties (= 3.0.10)
    railties (3.0.10)
      actionpack (= 3.0.10)
      activesupport (= 3.0.10)
      rake (>= 0.8.7)
      rdoc (~> 3.4)
      thor (~> 0.14.4)
    rake (0.9.2.2)
    rdoc (3.11)
      json (~> 1.4)
    simplecov (0.4.2)
      simplecov-html (~> 0.4.4)
    simplecov-html (0.4.5)
    simplecov-rcov (0.2.3)
      simplecov (>= 0.4.1)
    test-unit (2.4.0)
    thor (0.14.6)
    treetop (1.4.10)
      polyglot
      polyglot (>= 0.3.1)
    tzinfo (0.3.30)
    webmock (1.7.7)
      addressable (~> 2.2, > 2.2.5)
      crack (>= 0.1.7)

PLATFORMS
  ruby

DEPENDENCIES
  ZenTest
  addressable
  autotest-rails
  cdn_helpers!
  ci_reporter
  exception_notification (~> 2.4.1)
  geogov!
  govspeak!
  mocha
  mustache
  rack-geo!
  rails (= 3.0.10)
  simplecov (= 0.4.2)
  simplecov-rcov
  slimmer!
  test-unit
  webmock
