GIT
  remote: git@github.com:alphagov/cdn_helpers.git
  revision: 31e684761119d01b3accafd3f4652da8a9d026af
  specs:
    cdn_helpers (0.9)
      actionpack
      nokogiri

GIT
  remote: git@github.com:alphagov/geogov.git
  revision: 13426953924d06b1e0f6af4ef1a439aacc31ba90
  specs:
    geogov (0.0.2)

GIT
  remote: git@github.com:alphagov/govspeak.git
  revision: 3e90900db09391dd2a3806e522204b39074b3f70
  specs:
    govspeak (0.8.3)
      kramdown (~> 0.13.3)

GIT
  remote: git@github.com:alphagov/rack-geo.git
  revision: 0c15b9c050d66232590a23f037d908432804f50c
  specs:
    rack-geo (0.7.0)
      geogov
      json
      rack

GIT
  remote: git@github.com:alphagov/slimmer.git
  revision: 5bf3c40f38633d36a7c67588f2a3b3d4c226f8c6
  specs:
    slimmer (0.7.13)
      nokogiri

GEM
  remote: http://rubygems.org/
  specs:
    ZenTest (4.5.0)
    actionmailer (3.1.0)
      actionpack (= 3.1.0)
      mail (~> 2.3.0)
    actionpack (3.1.0)
      activemodel (= 3.1.0)
      activesupport (= 3.1.0)
      builder (~> 3.0.0)
      erubis (~> 2.7.0)
      i18n (~> 0.6)
      rack (~> 1.3.2)
      rack-cache (~> 1.0.3)
      rack-mount (~> 0.8.2)
      rack-test (~> 0.6.1)
      sprockets (~> 2.0.0)
    activemodel (3.1.0)
      activesupport (= 3.1.0)
      bcrypt-ruby (~> 3.0.0)
      builder (~> 3.0.0)
      i18n (~> 0.6)
    activerecord (3.1.0)
      activemodel (= 3.1.0)
      activesupport (= 3.1.0)
      arel (~> 2.2.1)
      tzinfo (~> 0.3.29)
    activeresource (3.1.0)
      activemodel (= 3.1.0)
      activesupport (= 3.1.0)
    activesupport (3.1.0)
      multi_json (~> 1.0)
    addressable (2.2.6)
    arel (2.2.1)
    autotest-rails (4.1.1)
      ZenTest (= 4.5)
    bcrypt-ruby (3.0.1)
    builder (3.0.0)
    ci_reporter (1.6.5)
      builder (>= 2.1.2)
    crack (0.3.1)
    erubis (2.7.0)
    exception_notification (2.4.1)
    hike (1.2.1)
    i18n (0.6.0)
    json (1.6.1)
    kramdown (0.13.3)
    mail (2.3.0)
      i18n (>= 0.4.0)
      mime-types (~> 1.16)
      treetop (~> 1.4.8)
    metaclass (0.0.1)
    mime-types (1.17.2)
    mocha (0.10.0)
      metaclass (~> 0.0.1)
    multi_json (1.0.3)
    mustache (0.99.4)
    nokogiri (1.5.0)
    polyglot (0.3.2)
    rack (1.3.5)
    rack-cache (1.0.3)
      rack (>= 0.4)
    rack-mount (0.8.3)
      rack (>= 1.0.0)
    rack-ssl (1.3.2)
      rack
    rack-test (0.6.1)
      rack (>= 1.0)
    rails (3.1.0)
      actionmailer (= 3.1.0)
      actionpack (= 3.1.0)
      activerecord (= 3.1.0)
      activeresource (= 3.1.0)
      activesupport (= 3.1.0)
      bundler (~> 1.0)
      railties (= 3.1.0)
    railties (3.1.0)
      actionpack (= 3.1.0)
      activesupport (= 3.1.0)
      rack-ssl (~> 1.3.2)
      rake (>= 0.8.7)
      rdoc (~> 3.4)
      thor (~> 0.14.6)
    rake (0.9.2.2)
    rdoc (3.11)
      json (~> 1.4)
    simplecov (0.4.2)
      simplecov-html (~> 0.4.4)
    simplecov-html (0.4.5)
    simplecov-rcov (0.2.3)
      simplecov (>= 0.4.1)
    sprockets (2.0.3)
      hike (~> 1.2)
      rack (~> 1.0)
      tilt (~> 1.1, != 1.3.0)
    test-unit (2.4.0)
    thor (0.14.6)
    tilt (1.3.3)
    treetop (1.4.10)
      polyglot
      polyglot (>= 0.3.1)
    tzinfo (0.3.30)
    webmock (1.7.7)
      addressable (~> 2.2, > 2.2.5)
      crack (>= 0.1.7)

PLATFORMS
  ruby

DEPENDENCIES
  ZenTest
  addressable
  autotest-rails
  cdn_helpers!
  ci_reporter
  exception_notification (~> 2.4.1)
  geogov!
  govspeak!
  mocha
  mustache
  rack-geo!
  rails (= 3.1.0)
  simplecov (= 0.4.2)
  simplecov-rcov
  slimmer!
  test-unit
  webmock
