GIT
  remote: git@github.com:alphagov/cdn_helpers.git
  revision: 82a30e7b0d30d82d89bb0e75df6b2e811f9c0e1a
  tag: v0.8.3
  specs:
    cdn_helpers (0.8.3)
      actionpack (~> 3.0.0)
      nokogiri

GIT
  remote: git@github.com:alphagov/geogov.git
  revision: 6867aedacda13fa8c050f706c3a351864eff0752
  specs:
    geogov (0.0.1)

GIT
  remote: git@github.com:alphagov/govspeak.git
  revision: 3a27e6e28cf49ec9bf410ca46d0baaa1e7bcad68
  specs:
    govspeak (0.8.3)
      kramdown (~> 0.13.3)

GIT
  remote: git@github.com:alphagov/rack-geo.git
  revision: cbe1036e663c833835cf68032dd8b9b38ab167d0
  specs:
    rack-geo (0.6.0)
      geogov
      json
      rack (~> 1.2.0)

GIT
  remote: git@github.com:alphagov/slimmer.git
  revision: 12489db6824216e1debddad36c19d33755f687dc
  specs:
    slimmer (0.7.10)
      nokogiri

GEM
  remote: http://rubygems.org/
  specs:
    ZenTest (4.5.0)
    abstract (1.0.0)
    actionmailer (3.0.10)
      actionpack (= 3.0.10)
      mail (~> 2.2.19)
    actionpack (3.0.10)
      activemodel (= 3.0.10)
      activesupport (= 3.0.10)
      builder (~> 2.1.2)
      erubis (~> 2.6.6)
      i18n (~> 0.5.0)
      rack (~> 1.2.1)
      rack-mount (~> 0.6.14)
      rack-test (~> 0.5.7)
      tzinfo (~> 0.3.23)
    activemodel (3.0.10)
      activesupport (= 3.0.10)
      builder (~> 2.1.2)
      i18n (~> 0.5.0)
    activerecord (3.0.10)
      activemodel (= 3.0.10)
      activesupport (= 3.0.10)
      arel (~> 2.0.10)
      tzinfo (~> 0.3.23)
    activeresource (3.0.10)
      activemodel (= 3.0.10)
      activesupport (= 3.0.10)
    activesupport (3.0.10)
    addressable (2.2.6)
    arel (2.0.10)
    autotest-rails (4.1.1)
      ZenTest (= 4.5)
    builder (2.1.2)
    ci_reporter (1.6.5)
      builder (>= 2.1.2)
    crack (0.1.8)
    erubis (2.6.6)
      abstract (>= 1.0.0)
    i18n (0.5.0)
    json (1.5.4)
    kramdown (0.13.3)
    mail (2.2.19)
      activesupport (>= 2.3.6)
      i18n (>= 0.4.0)
      mime-types (~> 1.16)
      treetop (~> 1.4.8)
    metaclass (0.0.1)
    mime-types (1.16)
    mocha (0.10.0)
      metaclass (~> 0.0.1)
    mustache (0.99.4)
    nokogiri (1.5.0)
    polyglot (0.3.2)
    rack (1.2.3)
    rack-mount (0.6.14)
      rack (>= 1.0.0)
    rack-test (0.5.7)
      rack (>= 1.0)
    rails (3.0.10)
      actionmailer (= 3.0.10)
      actionpack (= 3.0.10)
      activerecord (= 3.0.10)
      activeresource (= 3.0.10)
      activesupport (= 3.0.10)
      bundler (~> 1.0)
      railties (= 3.0.10)
    railties (3.0.10)
      actionpack (= 3.0.10)
      activesupport (= 3.0.10)
      rake (>= 0.8.7)
      rdoc (~> 3.4)
      thor (~> 0.14.4)
    rake (0.9.2)
    rdoc (3.9.4)
    simplecov (0.4.2)
      simplecov-html (~> 0.4.4)
    simplecov-html (0.4.5)
    simplecov-rcov (0.2.3)
      simplecov (>= 0.4.1)
    test-unit (2.3.2)
    thor (0.14.6)
    treetop (1.4.10)
      polyglot
      polyglot (>= 0.3.1)
    tzinfo (0.3.29)
    webmock (1.7.6)
      addressable (> 2.2.5, ~> 2.2)
      crack (>= 0.1.7)

PLATFORMS
  ruby

DEPENDENCIES
  ZenTest
  addressable
  autotest-rails
  cdn_helpers!
  ci_reporter
  geogov!
  govspeak!
  mocha
  mustache
  rack-geo!
  rails (= 3.0.10)
  simplecov (= 0.4.2)
  simplecov-rcov
  slimmer!
  test-unit
  webmock
